GEM
  remote: http://rubygems.org/
  remote: http://repo.tumblr.net:9929/
  specs:
    coderay (1.0.7)
    collins_client (0.2.3)
      httparty (~> 0.8.3)
    diff-lcs (1.1.3)
    git (1.2.5)
    highline (1.6.14)
    httparty (0.8.3)
      multi_json (~> 1.0)
      multi_xml
    jeweler (1.8.4)
      bundler (~> 1.0)
      git (>= 1.2.5)
      rake
      rdoc
    json (1.7.5)
    method_source (0.7.1)
    multi_json (1.3.6)
    multi_xml (0.5.1)
    mustache (0.99.4)
    pry (0.9.9.6)
      coderay (~> 1.0.5)
      method_source (~> 0.7.1)
      slop (>= 2.4.4, < 3)
    rake (0.9.2.2)
    rdoc (3.12)
      json (~> 1.4)
    redcarpet (2.1.1)
    rspec (2.10.0)
      rspec-core (~> 2.10.0)
      rspec-expectations (~> 2.10.0)
      rspec-mocks (~> 2.10.0)
    rspec-core (2.10.1)
    rspec-expectations (2.10.0)
      diff-lcs (~> 1.1.3)
    rspec-mocks (2.10.1)
    rubygems-update (1.8.24)
    slop (2.4.4)
    terminal-table (1.4.5)
    thor (0.15.4)
    yard (0.8.2.1)

PLATFORMS
  ruby

DEPENDENCIES
  collins_client (~> 0.2.3)
  highline (~> 1.6.13)
  jeweler (~> 1.8.3)
  mustache (~> 0.99.4)
  pry (~> 0.9.9.6)
  redcarpet
  rspec (~> 2.10.0)
  rubygems-update (~> 1.8.24)
  terminal-table (~> 1.4.5)
  thor (~> 0.15.2)
  yard (~> 0.8)
